{
    "TaskName": "pain",
    "Manufacturer": "SNIRF",
    "PowerLineFrequency": "n/a",
    "SamplingFrequency": 7.627765064836003,
    "SoftwareFilters": "n/a",
    "RecordingDuration": 2390.0841,
    "RecordingType": "continuous",
    "EEGChannelCount": 0,
    "EOGChannelCount": 0,
    "ECGChannelCount": 0,
    "EMGChannelCount": 0,
    "MiscChannelCount": 0,
    "TriggerChannelCount": 0,
    "NIRSChannelCount": 112,
    "NIRSSourceOptodeCount": 16,
    "NIRSDetectorOptodeCount": 23
}
